PATH
  remote: .
  specs:
    staticd (0.0.1)
      api-auth (= 1.2.6)
      aws-sdk (= 1.57.0)
      data_mapper (= 1.2.0)
      dm-postgres-adapter (= 1.2.0)
      gli (= 2.12.2)
      haml (= 4.0.6)
      puma (= 2.9.2)
      rack (>= 1.1, < 2.0)
      rack-test (= 0.6.2)
      sendfile (= 1.2.2)
      sinatra (= 1.4.5)
    staticdctl (0.0.1)
      api-auth (= 1.2.6)
      gli (= 2.12.2)
      rake (= 10.3.2)
      rest_client (= 1.8.1)

GEM
  remote: https://rubygems.org/
  specs:
    addressable (2.3.6)
    api-auth (1.2.6)
    aws-sdk (1.57.0)
      aws-sdk-v1 (= 1.57.0)
    aws-sdk-v1 (1.57.0)
      json (~> 1.4)
      nokogiri (>= 1.4.4)
    bcrypt (3.1.9)
    bcrypt-ruby (3.1.5)
      bcrypt (>= 3.1.3)
    byebug (3.5.1)
      columnize (~> 0.8)
      debugger-linecache (~> 1.2)
      slop (~> 3.6)
    columnize (0.9.0)
    data_mapper (1.2.0)
      dm-aggregates (~> 1.2.0)
      dm-constraints (~> 1.2.0)
      dm-core (~> 1.2.0)
      dm-migrations (~> 1.2.0)
      dm-serializer (~> 1.2.0)
      dm-timestamps (~> 1.2.0)
      dm-transactions (~> 1.2.0)
      dm-types (~> 1.2.0)
      dm-validations (~> 1.2.0)
    data_objects (0.10.14)
      addressable (~> 2.1)
    debugger-linecache (1.2.0)
    dm-aggregates (1.2.0)
      dm-core (~> 1.2.0)
    dm-constraints (1.2.0)
      dm-core (~> 1.2.0)
    dm-core (1.2.1)
      addressable (~> 2.3)
    dm-do-adapter (1.2.0)
      data_objects (~> 0.10.6)
      dm-core (~> 1.2.0)
    dm-migrations (1.2.0)
      dm-core (~> 1.2.0)
    dm-postgres-adapter (1.2.0)
      dm-do-adapter (~> 1.2.0)
      do_postgres (~> 0.10.6)
    dm-serializer (1.2.2)
      dm-core (~> 1.2.0)
      fastercsv (~> 1.5)
      json (~> 1.6)
      json_pure (~> 1.6)
      multi_json (~> 1.0)
    dm-sqlite-adapter (1.2.0)
      dm-do-adapter (~> 1.2.0)
      do_sqlite3 (~> 0.10.6)
    dm-timestamps (1.2.0)
      dm-core (~> 1.2.0)
    dm-transactions (1.2.0)
      dm-core (~> 1.2.0)
    dm-types (1.2.2)
      bcrypt-ruby (~> 3.0)
      dm-core (~> 1.2.0)
      fastercsv (~> 1.5)
      json (~> 1.6)
      multi_json (~> 1.0)
      stringex (~> 1.4)
      uuidtools (~> 2.1)
    dm-validations (1.2.0)
      dm-core (~> 1.2.0)
    do_postgres (0.10.14)
      data_objects (= 0.10.14)
    do_sqlite3 (0.10.14)
      data_objects (= 0.10.14)
    dotenv (0.11.1)
      dotenv-deployment (~> 0.0.2)
    dotenv-deployment (0.0.2)
    fastercsv (1.5.5)
    foreman (0.75.0)
      dotenv (~> 0.11.1)
      thor (~> 0.19.1)
    gli (2.12.2)
    haml (4.0.6)
      tilt
    json (1.8.1)
    json_pure (1.8.1)
    mini_portile (0.6.1)
    multi_json (1.10.1)
    netrc (0.7.9)
    nokogiri (1.6.5)
      mini_portile (~> 0.6.0)
    puma (2.9.2)
      rack (>= 1.1, < 2.0)
    rack (1.6.0)
    rack-protection (1.5.3)
      rack
    rack-test (0.6.2)
      rack (>= 1.0)
    rake (10.3.2)
    rest_client (1.8.1)
      netrc (~> 0.7.7)
    sendfile (1.2.2)
    sinatra (1.4.5)
      rack (~> 1.4)
      rack-protection (~> 1.4)
      tilt (~> 1.3, >= 1.3.4)
    slop (3.6.0)
    stringex (1.5.1)
    thor (0.19.1)
    tilt (1.4.1)
    uuidtools (2.1.5)

PLATFORMS
  ruby

DEPENDENCIES
  byebug (= 3.5.1)
  dm-sqlite-adapter (= 1.2.0)
  foreman (= 0.75.0)
  rake (= 10.3.2)
  staticd!
  staticdctl!
